GEM
  remote: https://rubygems.org/
  specs:
    charlock_holmes (0.6.9.4)
    diff-lcs (1.2.5)
    github-markdown (0.6.4)
    github-markup (0.7.5)
    gitlab-grit (2.6.0)
      charlock_holmes (~> 0.6.9)
      diff-lcs (~> 1.1)
      mime-types (~> 1.15)
      posix-spawn (~> 0.3.6)
    gollum (2.5.0)
      gollum-lib (~> 1.0.4)
      mustache (>= 0.99.4, < 1.0.0)
      sinatra (~> 1.4.2)
      useragent (~> 0.6.0)
    gollum-lib (1.0.9)
      github-markup (>= 0.7.5, < 1.0.0)
      gitlab-grit (= 2.6.0)
      nokogiri (~> 1.6.0)
      pygments.rb (~> 0.5.2)
      sanitize (~> 2.0.6)
      stringex (~> 2.1.0)
    mime-types (1.25.1)
    mini_portile (0.5.2)
    mustache (0.99.5)
    nokogiri (1.6.1)
      mini_portile (~> 0.5.0)
    posix-spawn (0.3.8)
    pygments.rb (0.5.4)
      posix-spawn (~> 0.3.6)
      yajl-ruby (~> 1.1.0)
    rack (1.5.2)
    rack-protection (1.5.2)
      rack
    sanitize (2.0.6)
      nokogiri (>= 1.4.4)
    sinatra (1.4.4)
      rack (~> 1.4)
      rack-protection (~> 1.4)
      tilt (~> 1.3, >= 1.3.4)
    stringex (2.1.2)
    tilt (1.4.1)
    useragent (0.6.0)
    yajl-ruby (1.1.0)

PLATFORMS
  ruby

DEPENDENCIES
  github-markdown
  gollum
